GEM
  remote: http://www.rubygems.org/
  specs:

PLATFORMS
  ruby

DEPENDENCIES
